GEM
  remote: https://rubygems.org/
  specs:
    array_utility (1.1.0)

PLATFORMS
  ruby

DEPENDENCIES
  array_utility

BUNDLED WITH
   1.11.2
