GEM
  remote: https://rubygems.org/
  specs:
    array_utility (1.1.0)
    power_assert (0.2.6)
    test-unit (3.1.5)
      power_assert

PLATFORMS
  ruby

DEPENDENCIES
  array_utility
  test-unit

BUNDLED WITH
   1.11.2
